GEM
  remote: https://rubygems.org/
  specs:
    batch (1.0.4)
    mini_portile (0.6.2)
    nokogiri (1.6.6.2)
      mini_portile (~> 0.6.0)
    redcarpet (3.3.2)

PLATFORMS
  ruby

DEPENDENCIES
  batch (= 1.0.4)
  nokogiri
  redcarpet (= 3.3.2)

BUNDLED WITH
   1.10.6
