GEM
  remote: https://rubygems.org/
  specs:
    batch (0.0.3)
    rake (0.9.2.2)
    rdiscount (1.6.8)

PLATFORMS
  ruby

DEPENDENCIES
  batch
  rake
  rdiscount
